GEM
  remote: https://rubygems.org/
  specs:
    bson (1.10.2)
    bson_ext (1.10.2)
      bson (~> 1.10.2)
    coffee-script (2.3.0)
      coffee-script-source
      execjs
    coffee-script-source (1.9.0)
    execjs (2.2.2)
    haml (4.0.6)
      tilt
    ki (0.4.3)
      bson_ext
      bundler (~> 1.5)
      coffee-script
      haml
      mongo
      rack
      rack-parser
      sass
      thor
    mongo (1.10.2)
      bson (= 1.10.2)
    rack (1.6.0)
    rack-parser (0.6.1)
      rack
    sass (3.4.11)
    thor (0.19.1)
    tilt (2.0.1)

PLATFORMS
  ruby
  x64-mingw32

DEPENDENCIES
  ki (= 0.4.3)
